GIT
  remote: https://github.com/mfenner/jekyll_oembed.git
  revision: a31edaebea051d27a62c6386dc6aef4ccf55a4c2
  specs:
    jekyll-oembed (0.0.1)
      jekyll
      ruby-oembed (= 0.8.8)

GEM
  remote: https://rubygems.org/
  specs:
    bibtex-ruby (2.3.4)
      latex-decode (>= 0.0.6)
      multi_json (~> 1.3)
    blankslate (2.1.2.4)
    bootstrap-sass (3.1.1.1)
      sass (~> 3.2)
    citeproc-ruby (0.0.6)
      logging (~> 1.5)
      nokogiri (~> 1.5)
    classifier (1.3.4)
      fast-stemmer (>= 1.0.0)
    coffee-script (2.2.0)
      coffee-script-source
      execjs
    coffee-script-source (1.7.1)
    colorator (0.1)
    commander (4.1.6)
      highline (~> 1.6.11)
    execjs (2.2.1)
    faraday (0.8.9)
      multipart-post (~> 1.2.0)
    faraday_middleware (0.9.1)
      faraday (>= 0.7.4, < 0.10)
    fast-stemmer (1.0.2)
    ffi (1.9.3)
    git (1.2.7)
    highline (1.6.21)
    hike (1.2.3)
    jekyll (1.5.1)
      classifier (~> 1.3)
      colorator (~> 0.1)
      commander (~> 4.1.3)
      liquid (~> 2.5.5)
      listen (~> 1.3)
      maruku (= 0.7.0)
      pygments.rb (~> 0.5.0)
      redcarpet (~> 2.3.0)
      safe_yaml (~> 1.0)
      toml (~> 0.1.0)
    jekyll-assets (0.7.9)
      jekyll (>= 1.0.0, < 3.0.0)
      sass
      sass
      sass
      sass
      sass
      sass
      sass
      sass
      sprockets (~> 2.10)
    jekyll-pandoc (0.0.8)
      jekyll (>= 1.4.3)
      pandoc-ruby (~> 0.7.5)
    jekyll-scholar (2.0.0)
      bibtex-ruby (~> 2.3)
      citeproc-ruby (~> 0.0.6)
      jekyll (~> 1.0)
    latex-decode (0.1.1)
      unicode (~> 0.4)
    liquid (2.5.5)
    listen (1.3.1)
      rb-fsevent (>= 0.9.3)
      rb-inotify (>= 0.9)
      rb-kqueue (>= 0.2)
    little-plugger (1.1.3)
    logging (1.8.2)
      little-plugger (>= 1.1.3)
      multi_json (>= 1.8.4)
    maruku (0.7.0)
    mini_portile (0.6.0)
    multi_json (1.10.1)
    multipart-post (1.2.0)
    nokogiri (1.6.3)
      mini_portile (= 0.6.0)
    pandoc-ruby (0.7.5)
    parslet (1.5.0)
      blankslate (~> 2.0)
    posix-spawn (0.3.8)
    psych (2.0.5)
    pygments.rb (0.5.4)
      posix-spawn (~> 0.3.6)
      yajl-ruby (~> 1.1.0)
    rack (1.5.2)
    rake (10.2.2)
    rb-fsevent (0.9.4)
    rb-inotify (0.9.5)
      ffi (>= 0.5.0)
    rb-kqueue (0.2.3)
      ffi (>= 0.5.0)
    redcarpet (2.3.0)
    ruby-oembed (0.8.8)
    safe_yaml (1.0.3)
    sass (3.2.19)
    sprockets (2.12.1)
      hike (~> 1.2)
      multi_json (~> 1.0)
      rack (~> 1.0)
      tilt (~> 1.1, != 1.3.0)
    tilt (1.4.1)
    toml (0.1.1)
      parslet (~> 1.5.0)
    unicode (0.4.4.1)
    yajl-ruby (1.1.0)

PLATFORMS
  ruby

DEPENDENCIES
  bootstrap-sass (~> 3.1.1.0)
  coffee-script (~> 2.2.0)
  faraday (~> 0.8.9)
  faraday_middleware (~> 0.9.0)
  git (~> 1.2.6)
  jekyll (~> 1.5.0)
  jekyll-assets (~> 0.7.6)
  jekyll-oembed!
  jekyll-pandoc (~> 0.0.1)
  jekyll-scholar (~> 2.0.0)
  psych (~> 2.0.5)
  rake (~> 10.2.1)
  sass (~> 3.2.14)
